GEM
  remote: https://rubygems.org/
  specs:
    backports (3.8.0)
    bcrypt (3.1.11)
    byebug (9.0.6)
    coderay (1.1.1)
    erubis (2.7.0)
    method_source (0.8.2)
    minitest (5.10.2)
    multi_json (1.12.1)
    mustermann (1.0.0)
    pry (0.10.4)
      coderay (~> 1.1.0)
      method_source (~> 0.8.1)
      slop (~> 3.4)
    pry-byebug (3.4.2)
      byebug (~> 9.0)
      pry (~> 0.10)
    pry-remote (0.1.8)
      pry (~> 0.9)
      slop (~> 3.0)
    rack (2.0.3)
    rack-protection (2.0.0)
      rack
    rack-test (0.6.3)
      rack (>= 1.0)
    sinatra (2.0.0)
      mustermann (~> 1.0)
      rack (~> 2.0)
      rack-protection (= 2.0.0)
      tilt (~> 2.0)
    sinatra-contrib (2.0.0)
      backports (>= 2.0)
      multi_json
      mustermann (~> 1.0)
      rack-protection (= 2.0.0)
      sinatra (= 2.0.0)
      tilt (>= 1.3, < 3)
    slop (3.6.0)
    tilt (2.0.7)

PLATFORMS
  ruby

DEPENDENCIES
  bcrypt
  erubis
  minitest
  pry
  pry-byebug
  pry-remote
  rack-test
  sinatra
  sinatra-contrib

BUNDLED WITH
   1.15.1
